GEM
  remote: http://rubygems.org/
  specs:
    backports (3.11.1)
    coderay (1.1.2)
    erubis (2.7.0)
    method_source (0.9.0)
    multi_json (1.13.1)
    mustermann (1.0.2)
    pry (0.11.3)
      coderay (~> 1.1.0)
      method_source (~> 0.9.0)
    puma (3.11.3)
    rack (2.0.4)
    rack-protection (2.0.1)
      rack
    ruby_rhymes (0.1.2)
    sinatra (2.0.1)
      mustermann (~> 1.0)
      rack (~> 2.0)
      rack-protection (= 2.0.1)
      tilt (~> 2.0)
    sinatra-contrib (2.0.1)
      backports (>= 2.0)
      multi_json
      mustermann (~> 1.0)
      rack-protection (= 2.0.1)
      sinatra (= 2.0.1)
      tilt (>= 1.3, < 3)
    tilt (2.0.8)

PLATFORMS
  ruby

DEPENDENCIES
  erubis
  pry
  puma
  ruby_rhymes
  sinatra
  sinatra-contrib
  tilt

RUBY VERSION
   ruby 2.3.0p0

BUNDLED WITH
   1.16.0.pre.2
