GEM
  remote: http://rubygems.org/
  specs:
    backports (3.6.8)
    coderay (1.1.1)
    erubis (2.7.0)
    method_source (0.8.2)
    multi_json (1.12.1)
    pry (0.10.4)
      coderay (~> 1.1.0)
      method_source (~> 0.8.1)
      slop (~> 3.4)
    puma (3.7.1)
    rack (1.6.5)
    rack-protection (1.5.3)
      rack
    rack-test (0.6.3)
      rack (>= 1.0)
    ruby_rhymes (0.1.2)
    sinatra (1.4.8)
      rack (~> 1.5)
      rack-protection (~> 1.4)
      tilt (>= 1.3, < 3)
    sinatra-contrib (1.4.7)
      backports (>= 2.0)
      multi_json
      rack-protection
      rack-test
      sinatra (~> 1.4.0)
      tilt (>= 1.3, < 3)
    slop (3.6.0)
    tilt (2.0.6)

PLATFORMS
  ruby

DEPENDENCIES
  erubis
  pry
  puma
  ruby_rhymes
  sinatra
  sinatra-contrib
  tilt

RUBY VERSION
   ruby 2.3.0p0

BUNDLED WITH
   1.14.3
